PATH
  remote: .
  specs:
    faktory_worker_ruby (0.9.0)
      connection_pool (~> 2.2, >= 2.2.1)
      mini_sql
      pg

GEM
  remote: https://rubygems.org/
  specs:
    activejob (5.2.2)
      activesupport (= 5.2.2)
      globalid (>= 0.3.6)
    activesupport (5.2.2)
      concurrent-ruby (~> 1.0, >= 1.0.2)
      i18n (>= 0.7, < 2)
      minitest (~> 5.1)
      tzinfo (~> 1.1)
    concurrent-ruby (1.1.4)
    connection_pool (2.2.2)
    globalid (0.4.2)
      activesupport (>= 4.2.0)
    i18n (1.5.3)
      concurrent-ruby (~> 1.0)
    mini_sql (0.2.1)
    minitest (5.11.3)
    minitest-hooks (1.5.0)
      minitest (> 5.3)
    pg (1.1.4)
    rake (12.3.1)
    thread_safe (0.3.6)
    tzinfo (1.2.5)
      thread_safe (~> 0.1)

PLATFORMS
  ruby

DEPENDENCIES
  activejob (>= 5.1.5)
  faktory_worker_ruby!
  minitest (~> 5)
  minitest-hooks
  rake (~> 12)

BUNDLED WITH
   2.0.1
